PATH
  remote: .
  specs:
    icmp (0.1.0)

GEM
  remote: https://rubygems.org/
  specs:
    ast (2.4.2)
    benchmark-ips (2.10.0)
    chunky_png (1.3.15)
    diff-lcs (1.5.0)
    json (2.6.2)
    oily_png (1.2.1)
      chunky_png (~> 1.3.7)
    parallel (1.22.1)
    parser (3.1.2.1)
      ast (~> 2.4.1)
    rainbow (3.1.1)
    rake (13.0.6)
    rake-compiler (1.2.0)
      rake
    regexp_parser (2.5.0)
    rexml (3.2.5)
    rspec (3.11.0)
      rspec-core (~> 3.11.0)
      rspec-expectations (~> 3.11.0)
      rspec-mocks (~> 3.11.0)
    rspec-core (3.11.0)
      rspec-support (~> 3.11.0)
    rspec-expectations (3.11.0)
      diff-lcs (>= 1.2.0, < 2.0)
      rspec-support (~> 3.11.0)
    rspec-mocks (3.11.1)
      diff-lcs (>= 1.2.0, < 2.0)
      rspec-support (~> 3.11.0)
    rspec-support (3.11.0)
    rubocop (1.35.0)
      json (~> 2.3)
      parallel (~> 1.10)
      parser (>= 3.1.2.1)
      rainbow (>= 2.2.2, < 4.0)
      regexp_parser (>= 1.8, < 3.0)
      rexml (>= 3.2.5, < 4.0)
      rubocop-ast (>= 1.20.1, < 2.0)
      ruby-progressbar (~> 1.7)
      unicode-display_width (>= 1.4.0, < 3.0)
    rubocop-ast (1.21.0)
      parser (>= 3.1.1.0)
    rubocop-performance (1.14.3)
      rubocop (>= 1.7.0, < 2.0)
      rubocop-ast (>= 0.4.0)
    ruby-progressbar (1.11.0)
    rufo (0.13.0)
    standard (1.16.0)
      rubocop (= 1.35.0)
      rubocop-performance (= 1.14.3)
    unicode-display_width (2.2.0)

PLATFORMS
  arm64-darwin-21

DEPENDENCIES
  benchmark-ips (~> 2.10)
  icmp!
  oily_png (~> 1.2)
  rake (~> 13.0)
  rake-compiler
  rspec (~> 3.0)
  rufo
  standard (~> 1.3)

BUNDLED WITH
   2.3.19
